PATH
  remote: .
  specs:
    ovto (0.4.1)
      opal (>= 0.11, < 2)
      rack (~> 2.0)
      thor (~> 0.20)

GEM
  remote: https://rubygems.org/
  specs:
    ast (2.4.0)
    concurrent-ruby (1.1.5)
    hike (1.2.3)
    opal (0.11.4)
      ast (>= 2.3.0)
      hike (~> 1.2)
      parser (= 2.3.3.1)
      sourcemap (~> 0.1.0)
    opal-rspec (0.7.1)
      opal (>= 0.11, < 0.12)
      opal-sprockets
      rake (~> 12.0)
    opal-sprockets (0.4.3.0.11.0.3.7)
      opal (~> 0.11.0)
      sprockets (~> 3.7)
      tilt (>= 1.4)
    parser (2.3.3.1)
      ast (~> 2.2)
    rack (2.0.7)
    rake (12.3.2)
    sourcemap (0.1.1)
    sprockets (3.7.2)
      concurrent-ruby (~> 1.0)
      rack (> 1, < 3)
    thor (0.20.3)
    tilt (2.0.9)
    yard (0.9.19)

PLATFORMS
  ruby

DEPENDENCIES
  opal
  opal-rspec
  opal-sprockets
  ovto!
  rake
  yard

BUNDLED WITH
   2.0.2
