PATH
  remote: .
  specs:
    ovto (0.6.2)
      opal (>= 0.11, < 2)
      rack (~> 2.0)
      thor (>= 0.20)

GEM
  remote: https://rubygems.org/
  specs:
    ast (2.4.2)
    concurrent-ruby (1.2.2)
    opal (1.7.3)
      ast (>= 2.3.0)
      parser (~> 3.0, >= 3.0.3.2)
    opal-rspec (1.0.0)
      opal (>= 1.6.0a, < 2.0)
      rake (>= 12.0)
    opal-sprockets (1.0.3)
      opal (>= 1.0, < 2.0)
      sprockets (~> 4.0)
      tilt (>= 1.4)
    parser (3.2.2.0)
      ast (~> 2.4.1)
    rack (2.2.6.4)
    rake (13.0.6)
    sprockets (4.2.0)
      concurrent-ruby (~> 1.0)
      rack (>= 2.2.4, < 4)
    thor (1.2.1)
    tilt (2.1.0)
    yard (0.9.34)

PLATFORMS
  ruby

DEPENDENCIES
  opal (>= 1.2.0)
  opal-rspec (>= 0.8.0.alpha3)
  opal-sprockets
  ovto!
  rake
  yard

BUNDLED WITH
   2.4.12
