PATH
  remote: .
  specs:
    ovto (0.6.1)
      opal (>= 0.11, < 2)
      rack (~> 2.0)
      thor (~> 0.20)

GEM
  remote: https://rubygems.org/
  specs:
    ast (2.4.2)
    concurrent-ruby (1.1.9)
    opal (1.2.0)
      ast (>= 2.3.0)
      parser (~> 3.0)
    opal-rspec (0.8.0.alpha3)
      opal (>= 1.0.0, < 2.0)
      opal-sprockets (< 2.0)
      rake (>= 12.0)
    opal-sprockets (1.0.2)
      opal (>= 1.0, < 2.0)
      sprockets (~> 4.0)
      tilt (>= 1.4)
    parser (3.0.2.0)
      ast (~> 2.4.1)
    rack (2.2.3)
    rake (13.0.6)
    sprockets (4.0.2)
      concurrent-ruby (~> 1.0)
      rack (> 1, < 3)
    thor (0.20.3)
    tilt (2.0.10)
    yard (0.9.26)

PLATFORMS
  ruby

DEPENDENCIES
  opal (>= 1.2.0)
  opal-rspec (>= 0.8.0.alpha3)
  opal-sprockets
  ovto!
  rake
  yard

BUNDLED WITH
   2.2.22
