PATH
  remote: .
  specs:
    ovto (0.4.1)
      opal (>= 0.11, < 2)
      rack (~> 2.0)
      thor (~> 0.20)

GEM
  remote: https://rubygems.org/
  specs:
    ast (2.4.0)
    c_lexer (2.6.4.1.1)
      ast (~> 2.4.0)
      parser (= 2.6.4.1)
    concurrent-ruby (1.1.5)
    opal (1.0.1)
      ast (>= 2.3.0)
      parser (~> 2.6)
    opal-rspec (0.8.0.alpha1)
      opal (>= 0.11, < 1.1)
      opal-sprockets
      rake (~> 12.0)
    opal-sprockets (0.4.8.1.0.3.7)
      opal (~> 1.0.0)
      sprockets (~> 3.7)
      tilt (>= 1.4)
    parser (2.6.4.1)
      ast (~> 2.4.0)
    rack (2.0.7)
    rake (12.3.3)
    sprockets (3.7.2)
      concurrent-ruby (~> 1.0)
      rack (> 1, < 3)
    thor (0.20.3)
    tilt (2.0.10)
    yard (0.9.20)

PLATFORMS
  ruby

DEPENDENCIES
  c_lexer
  opal (>= 1.0.0)
  opal-rspec (>= 0.8.0.alpha1)
  opal-sprockets
  ovto!
  rake
  yard

BUNDLED WITH
   2.0.2
