PATH
  remote: ../..
  specs:
    ovto (0.6.0)
      opal (>= 0.11, < 2)
      rack (~> 2.0)
      thor (~> 0.20)

GEM
  remote: https://rubygems.org/
  specs:
    ast (2.4.2)
    ifchanged (1.0.1)
    opal (1.2.0)
      ast (>= 2.3.0)
      parser (~> 3.0)
    parser (3.0.2.0)
      ast (~> 2.4.1)
    rack (2.2.3)
    rake (13.0.6)
    thor (0.20.3)

PLATFORMS
  ruby

DEPENDENCIES
  ifchanged
  ovto!
  rake

BUNDLED WITH
   2.2.22
