PATH
  remote: ../..
  specs:
    ovto (0.4.1)
      opal (>= 0.11, < 2)
      rack (~> 2.0)
      thor (~> 0.20)

GEM
  remote: https://rubygems.org/
  specs:
    ast (2.4.0)
    ifchanged (1.0.1)
    opal (1.0.2)
      ast (>= 2.3.0)
      parser (~> 2.6)
    parser (2.6.5.0)
      ast (~> 2.4.0)
    rack (2.0.8)
    rake (13.0.1)
    thor (0.20.3)

PLATFORMS
  ruby

DEPENDENCIES
  ifchanged
  ovto!
  rake

BUNDLED WITH
   2.0.1
